NUGET
  remote: \\hobel\nuget
  specs:
    Aardvark.Base (1.3.15)
      DevILSharp (>= 0.0.9 < 0.1.0)
    Aardvark.Base.Essentials (1.3.15)
      Aardvark.Base (>= 1.3.15)
      Rx-Linq (>= 2.2.5 < 2.3.0)
      System.Collections.Immutable (>= 1.1.36 < 1.2.0)
    Aardvark.Base.FSharp (1.3.15)
      Aardvark.Base (>= 1.3.15)
      DevILSharp (>= 0.0.9 < 0.1.0)
      FSharp.Compiler.Service (>= 0.0.90 < 0.1.0)
      RegexProvider (>= 0.0.5 < 0.1.0)
    Aardvark.Base.Incremental (1.3.15)
      Aardvark.Base (1.3.15)
      Aardvark.Base.Essentials (1.3.15)
      Aardvark.Base.FSharp (1.3.15)
  remote: https://nuget.org/api/v2
  specs:
    DevILSharp (0.0.9)
    FSharp.Compiler.Service (0.0.90)
    Newtonsoft.Json (7.0.1)
    OpenTK (1.1.1589.5942)
    RegexProvider (0.0.5)
    Rx-Core (2.2.5)
      Rx-Interfaces (>= 2.2.5)
    Rx-Interfaces (2.2.5)
    Rx-Linq (2.2.5)
      Rx-Core (>= 2.2.5)
      Rx-Interfaces (>= 2.2.5)
    Rx-PlatformServices (2.2.5)
      Rx-Core (>= 2.2.5)
      Rx-Interfaces (>= 2.2.5)
    System.Collections.Immutable (1.1.36)
