RESTRICTION: == net45
NUGET
  remote: https://vrvis.myget.org/F/aardvark_public/api/v3/index.json
    Aardvark.Base (3.0.46)
      DevILSharp (>= 0.1.1 < 0.2)
    Aardvark.Base.Essentials (3.0.46)
      Aardvark.Base (>= 3.0.46)
      DevILSharp (>= 0.1.1 < 0.2)
      System.Collections.Immutable (>= 1.2)
      System.Reactive.Linq (>= 3.0 < 3.1)
    Aardvark.Base.FSharp (3.0.46)
      Aardvark.Base (>= 3.0.46)
      DevILSharp (>= 0.1.1 < 0.2)
      FSharp.Core (>= 4.0 < 4.1)
    Aardvark.Base.Incremental (3.0.46)
      Aardvark.Base (>= 3.0.46)
      Aardvark.Base.Essentials (>= 3.0.46)
      Aardvark.Base.FSharp (>= 3.0.46)
      DevILSharp (>= 0.1.1 < 0.2)
      FSharp.Core (>= 4.0 < 4.1)
      System.Reactive.Core (>= 3.0 < 3.1)
      System.Reactive.Interfaces (>= 3.0 < 3.1)
      System.Reactive.Linq (>= 3.0 < 3.1)
  remote: https://api.nuget.org/v3/index.json
    DevILSharp (0.1.2)
      FSharp.Core (>= 4.0 < 4.1)
    FSharp.Core (4.0.0.1)
    FsPickler (4.0)
      FSharp.Core (>= 3.1)
    Microsoft.NETCore.Platforms (2.0.1)
    NETStandard.Library (2.0.1)
      Microsoft.NETCore.Platforms (>= 1.1)
      System.Runtime.InteropServices.RuntimeInformation (>= 4.3)
    System.Collections.Immutable (1.4)
      NETStandard.Library (>= 1.6.1)
    System.Reactive.Core (3.0)
      System.Reactive.Interfaces (>= 3.0)
    System.Reactive.Interfaces (3.0)
    System.Reactive.Linq (3.0)
      System.Reactive.Core (>= 3.0)
      System.Reactive.Interfaces (>= 3.0)
    System.Runtime.InteropServices.RuntimeInformation (4.3)
  remote: http://api.nuget.org/v3/index.json
    FSharp.Compiler.Service (9.0.1)
      System.Collections.Immutable (>= 1.2)
      System.Reflection.Metadata (>= 1.4.1-beta-24227-04)
    FsUnit (2.3.2)
      FSharp.Core (>= 3.1.2.5)
      NUnit (3.5)
    Newtonsoft.Json (8.0.3)
    NUnit (3.5)
    System.Reflection.Metadata (1.4.1-beta-24430-01)
      System.Collections.Immutable (>= 1.2)

GROUP Build
CONTENT: NONE
RESTRICTION: == net45
NUGET
  remote: https://api.nuget.org/v3/index.json
    FAKE (4.63) - content: none
    Mono.Cecil (0.10.0-beta6) - content: none
    SourceLink.Fake (1.1) - content: none
GITHUB
  remote: vrvis/Aardvark.Fake
    FULLPROJECT (c4f9d04cc0c00c2f2081296ce30195ae997148f5)
      FAKE (>= 4.63 < 4.64)
      Mono.Cecil (>= 0.10.0-beta6 < 0.11)
      SourceLink.Fake (>= 1.1 < 1.2)