FRAMEWORK: NET45
NUGET
  remote: https://vrvis.myget.org/F/aardvark_public
    Aardvark.Base (3.0.0)
      DevILSharp (>= 0.0.11 < 0.1)
    Aardvark.Base.Essentials (3.0.0)
      Aardvark.Base (>= 3.0)
      System.Collections.Immutable (>= 1.2 < 1.3)
      System.Reactive.Linq (>= 3.0 < 3.1)
    Aardvark.Base.FSharp (3.0.0)
      Aardvark.Base (>= 3.0)
      DevILSharp (>= 0.0.11 < 0.1)
    Aardvark.Base.Incremental (3.0.0)
      Aardvark.Base (>= 3.0)
      Aardvark.Base.Essentials (>= 3.0)
      Aardvark.Base.FSharp (>= 3.0)
      System.Reactive.Core (>= 3.0 < 3.1)
      System.Reactive.Interfaces (>= 3.0 < 3.1)
      System.Reactive.Linq (>= 3.0 < 3.1)
  remote: http://api.nuget.org/v3/index.json
    DevILSharp (0.0.13)
    FSharp.Compiler.Service (9.0.1)
      System.Collections.Immutable (>= 1.2)
      System.Reflection.Metadata (>= 1.4.1-beta-24227-04)
    FSharp.Core (4.0.0.1)
    FsUnit (2.3.2)
      FSharp.Core (>= 3.1.2.5)
      NUnit (3.5)
    Newtonsoft.Json (8.0.3)
    NUnit (3.5)
    System.Collections.Immutable (1.2)
    System.Reactive.Core (3.0)
      System.Reactive.Interfaces (>= 3.0)
    System.Reactive.Interfaces (3.0)
    System.Reactive.Linq (3.0)
      System.Reactive.Core (>= 3.0)
      System.Reactive.Interfaces (>= 3.0)
    System.Reflection.Metadata (1.4.1-beta-24430-01)
      System.Collections.Immutable (>= 1.2)

GROUP Build
CONTENT: NONE
FRAMEWORK: NET45
NUGET
  remote: https://api.nuget.org/v3/index.json
    Chessie (0.6) - content: none
      FSharp.Core
    FAKE (4.52) - content: none
    FSharp.Core (4.1.0.2) - content: none
      System.ValueTuple (>= 4.3)
    Mono.Cecil (0.10.0-beta4) - content: none
    Newtonsoft.Json (9.0.1) - content: none
    Paket.Core (3.36.5) - content: none
      Chessie (>= 0.6)
      FSharp.Core (>= 4.0.1.7-alpha)
      Mono.Cecil (>= 0.10.0-beta1-v2)
      Newtonsoft.Json
      System.Diagnostics.FileVersionInfo (>= 4.3.0-prerelease)
      System.Diagnostics.Process (>= 4.3.0-prerelease)
      System.Diagnostics.TraceSource (>= 4.3.0-prerelease)
      System.Security.Cryptography.Algorithms (>= 4.3.0-prerelease)
      System.Security.Cryptography.ProtectedData (>= 4.3.0-prerelease)
      System.Xml.XDocument (>= 4.3.0-prerelease)
      System.Xml.XPath.XDocument (>= 4.3.0-prerelease)
      System.Xml.XPath.XmlDocument (>= 4.3.0-prerelease)
    SourceLink.Fake (1.1) - content: none
    System.Diagnostics.FileVersionInfo (4.3) - content: none
    System.Diagnostics.Process (4.3) - content: none
    System.Diagnostics.TraceSource (4.3) - content: none
    System.Security.Cryptography.Algorithms (4.3) - content: none
    System.Security.Cryptography.ProtectedData (4.3) - content: none
    System.ValueTuple (4.3) - content: none
    System.Xml.XDocument (4.3) - content: none
    System.Xml.XPath.XDocument (4.3) - content: none
    System.Xml.XPath.XmlDocument (4.3) - content: none
GITHUB
  remote: vrvis/Aardvark.Fake
    FULLPROJECT (f2bce91a34f8ba811bc93055643c5f7d7c0747c0)
      Chessie (>= 0.6 < 0.7)
      FAKE (>= 4.52 < 4.53)
      Mono.Cecil
      Paket.Core (>= 3.36.1 < 3.37)
      SourceLink.Fake (>= 1.1 < 1.2)